GIT
  remote: git://github.com/defunkt/gist.git
  revision: e96203a7c1738a707d4fdb4ab459ede3d9442779
  specs:
    gist (2.0.3)

GEM
  remote: http://rubygems.org/
  specs:
    aruba (0.4.11)
      childprocess (>= 0.2.3)
      cucumber (>= 1.1.1)
      ffi (>= 1.0.11)
      rspec (>= 2.7.0)
    builder (3.0.0)
    childprocess (0.3.1)
      ffi (~> 1.0.6)
    commander (4.1.2)
      highline (~> 1.6.11)
    cucumber (1.1.5)
      builder (>= 2.1.2)
      diff-lcs (>= 1.1.2)
      gherkin (~> 2.8.0)
      json (>= 1.4.6)
      term-ansicolor (>= 1.0.6)
    diff-lcs (1.1.3)
    ffi (1.0.11)
    gherkin (2.8.0)
      json (>= 1.4.6)
    gli (1.5.1)
    highline (1.6.11)
    json (1.6.5)
    rainbow (1.1.3)
    rspec (2.8.0)
      rspec-core (~> 2.8.0)
      rspec-expectations (~> 2.8.0)
      rspec-mocks (~> 2.8.0)
    rspec-core (2.8.0)
    rspec-expectations (2.8.0)
      diff-lcs (~> 1.1.2)
    rspec-mocks (2.8.0)
    term-ansicolor (1.0.7)
    terminal-table (1.4.4)

PLATFORMS
  ruby

DEPENDENCIES
  aruba
  commander
  gist!
  gli
  rainbow
  terminal-table
